GEM
  remote: https://rubygems.org/
  specs:
    addressable (2.8.0)
      public_suffix (>= 2.0.2, < 5.0)
    base64 (0.1.1)
    colorize (0.8.1)
    date (3.2.2)
    json (2.6.2)
    launchy (2.5.0)
      addressable (~> 2.7)
    ocra (1.3.11)
    open-uri (0.2.0)
      stringio
      time
      uri
    public_suffix (4.0.7)
    stringio (3.0.2)
    time (0.2.0)
      date
    uri (0.11.0)

PLATFORMS
  x64-unknown
  x86_64-linux

DEPENDENCIES
  base64 (~> 0.1.1)
  colorize (~> 0.8.1)
  json (~> 2.6)
  launchy (~> 2.5)
  ocra (= 1.3.11)
  open-uri (~> 0.2.0)

RUBY VERSION
   ruby 3.1.2p20

BUNDLED WITH
   2.3.15
